GEM
  remote: https://rubygems.org/
  specs:
    bubble-wrap (1.8.0)
    formotion (1.8)
      bubble-wrap (>= 1.4.0)
      motion-require (>= 0.1.0)
    motion-require (0.2.0)
    rake (0.9.2.2)

PLATFORMS
  ruby

DEPENDENCIES
  formotion
  rake
